GEM
  remote: https://rubygems.org/
  specs:
    dropbox-sdk (1.3)
      json
    json (1.7.3)
    metaclass (0.0.1)
    mocha (0.11.4)
      metaclass (~> 0.0.1)
    rdiscount (1.6.8)

PLATFORMS
  ruby

DEPENDENCIES
  dropbox-sdk
  mocha
  rdiscount
