GEM
  remote: https://rubygems.org/
  specs:
    rdiscount (1.6.8)

PLATFORMS
  ruby

DEPENDENCIES
  rdiscount
